GEM
  remote: http://rubygems.org/
  specs:
    addressable (2.5.2)
      public_suffix (>= 2.0.2, < 4.0)
    allure-rspec (0.8.0)
      allure-ruby-adaptor-api (= 0.7.0)
      rspec (~> 3.5)
    allure-ruby-adaptor-api (0.7.0)
      mimemagic
      nokogiri (~> 1.7)
      uuid
    archive-zip (0.7.0)
      io-like (~> 0.3.0)
    bson (4.3.0)
    capybara (2.18.0)
      addressable
      mini_mime (>= 0.1.3)
      nokogiri (>= 1.3.3)
      rack (>= 1.0.0)
      rack-test (>= 0.5.4)
      xpath (>= 2.0, < 4.0)
    capybara-bootstrap-datepicker (0.1.1)
    childprocess (0.9.0)
      ffi (~> 1.0, >= 1.0.11)
    chromedriver-helper (1.1.0)
      archive-zip (~> 0.7.0)
      nokogiri (~> 1.6)
    coderay (1.1.2)
    concurrent-ruby (1.0.5)
    couchdb (0.2.2)
      transport (>= 1.0.1)
    diff-lcs (1.3)
    faker (1.8.7)
      i18n (>= 0.7)
    ffi (1.9.23)
    ffi (1.9.23-x64-mingw32)
    geckodriver-helper (0.0.4)
      archive-zip (~> 0.7.0)
    httparty (0.16.1)
      multi_xml (>= 0.5.2)
    i18n (1.0.0)
      concurrent-ruby (~> 1.0)
    io-like (0.3.0)
    macaddr (1.7.1)
      systemu (~> 2.6.2)
    method_source (0.9.0)
    mimemagic (0.4.3)
      nokogiri (~> 1)
      rake
    mini_mime (1.0.0)
    mini_portile2 (2.5.1)
    mongo (2.5.1)
      bson (>= 4.3.0, < 5.0.0)
    multi_xml (0.6.0)
    nokogiri (1.11.4)
      mini_portile2 (~> 2.5.0)
      racc (~> 1.4)
    nokogiri (1.11.4-x64-mingw32)
      racc (~> 1.4)
    pry (0.9.12.6)
      coderay (~> 1.0)
      method_source (~> 0.8)
      slop (~> 3.4)
    pry_debug (0.1.0)
      pry (~> 0.9.0)
    public_suffix (3.0.2)
    racc (1.5.2)
    rack (2.0.4)
    rack-test (0.8.3)
      rack (>= 1.0, < 3)
    rake (13.0.3)
    rspec (3.7.0)
      rspec-core (~> 3.7.0)
      rspec-expectations (~> 3.7.0)
      rspec-mocks (~> 3.7.0)
    rspec-core (3.7.1)
      rspec-support (~> 3.7.0)
    rspec-expectations (3.7.0)
      diff-lcs (>= 1.2.0, < 2.0)
      rspec-support (~> 3.7.0)
    rspec-mocks (3.7.0)
      diff-lcs (>= 1.2.0, < 2.0)
      rspec-support (~> 3.7.0)
    rspec-support (3.7.1)
    rspec_junit_formatter (0.3.0)
      rspec-core (>= 2, < 4, != 2.12.0)
    rubyzip (1.2.1)
    selenium-webdriver (2.53.4)
      childprocess (~> 0.5)
      rubyzip (~> 1.0)
      websocket (~> 1.0)
    site_prism (2.11)
      addressable (~> 2.4)
      capybara (~> 2.7)
    slop (3.6.0)
    systemu (2.6.5)
    transport (1.0.6)
    uuid (2.3.8)
      macaddr (~> 1.0)
    websocket (1.2.5)
    xpath (3.0.0)
      nokogiri (~> 1.8)

PLATFORMS
  ruby
  x64-mingw32

DEPENDENCIES
  allure-rspec
  capybara
  capybara-bootstrap-datepicker
  chromedriver-helper (~> 1.1)
  couchdb (~> 0.2.2)
  faker
  geckodriver-helper (~> 0.0.4)
  httparty
  mongo
  pry_debug (~> 0.1.0)
  rspec
  rspec_junit_formatter
  selenium-webdriver (~> 2.53, >= 2.53.4)
  site_prism

BUNDLED WITH
   1.16.0
